GEM
  remote: https://rubygems.org/
  specs:
    diffy (2.0.10)
    hoe (3.5.2)
      rake (>= 0.8, < 11.0)
    json (1.7.7)
    rake (10.0.3)
    rdoc (3.12.2)
      json (~> 1.4)

PLATFORMS
  ruby

DEPENDENCIES
  diffy (~> 2.0.9)
  hoe (~> 3.5)
  rake (~> 10.0.0)
  rdoc (~> 3.10)
