PATH
  remote: .
  specs:
    rake-distribute (0.1.0.20121026002333)

GEM
  remote: https://rubygems.org/
  specs:
    ansi (1.4.3)
    hoe (3.1.0)
      rake (~> 0.8)
    json (1.7.5)
    minitest (4.1.0)
    rake (0.9.2.2)
    rdoc (3.12)
      json (~> 1.4)
    turn (0.9.6)
      ansi

PLATFORMS
  ruby

DEPENDENCIES
  hoe (~> 3.1)
  minitest (>= 4.1.0)
  rake-distribute!
  rdoc (~> 3.10)
  turn (>= 0.8.3)
