PATH
  remote: .
  specs:
    rake-distribute (1.5.0.20130515154404)
      activesupport (>= 3.2.13)
      diffy (>= 2.0.9)
      rake (>= 10.0.0)
      tilt (>= 1.3.7)

GEM
  remote: https://rubygems.org/
  specs:
    activesupport (3.2.13)
      i18n (= 0.6.1)
      multi_json (~> 1.0)
    diffy (2.1.4)
    highline (1.6.18)
    hoe (3.6.1)
      rake (>= 0.8, < 11.0)
    hoe-gemspec (1.0.0)
      hoe (>= 2.2.0)
    hoe-git (1.6.0)
      highline (>= 1.6.0)
    hoe-version (1.2.0)
    i18n (0.6.1)
    json (1.8.0)
    multi_json (1.7.3)
    rake (10.0.4)
    rdoc (4.0.1)
      json (~> 1.4)
    tilt (1.4.1)

PLATFORMS
  ruby

DEPENDENCIES
  hoe
  hoe-gemspec
  hoe-git
  hoe-version
  rake-distribute!
  rdoc (~> 4.0)
